PATH
  remote: .
  specs:
    easyllama-client (0.2.0)
      json
      net-http

GEM
  remote: https://rubygems.org/
  specs:
    json (2.6.3)
    net-http (0.4.1)
      uri
    uri (0.13.0)

PLATFORMS
  arm64-darwin-20

DEPENDENCIES
  easyllama-client!

BUNDLED WITH
   2.4.12
