PATH
  remote: .
  specs:
    easyllama-client (0.1.1)
      json
      net-http

GEM
  remote: https://rubygems.org/
  specs:
    json (2.6.3)
    net-http (0.3.0)
      uri
    uri (0.12.1)

PLATFORMS
  arm64-darwin-20

DEPENDENCIES
  easyllama-client!
  json
  net-http

BUNDLED WITH
   2.4.12
